GIT
  remote: git://github.com/mmistakes/minimal-mistakes.git
  revision: 174dfd1ba00c95b8697bc2cbfe64e5fdc8379291
  specs:
    minimal-mistakes-jekyll (4.12.2)
      jekyll (~> 3.7)
      jekyll-data (~> 1.0)
      jekyll-feed (~> 0.10)
      jekyll-gist (~> 1.5)
      jekyll-paginate (~> 1.1)
      jekyll-sitemap (~> 1.2)
      jemoji (~> 0.10)

GEM
  remote: https://rubygems.org/
  specs:
    activesupport (5.2.1)
      concurrent-ruby (~> 1.0, >= 1.0.2)
      i18n (>= 0.7, < 2)
      minitest (~> 5.1)
      tzinfo (~> 1.1)
    addressable (2.4.0)
    backports (3.11.4)
    colorator (1.1.0)
    colorize (0.8.1)
    concurrent-ruby (1.0.5)
    em-websocket (0.5.1)
      eventmachine (>= 0.12.9)
      http_parser.rb (~> 0.6.0)
    ethon (0.11.0)
      ffi (>= 1.3.0)
    eventmachine (1.2.7)
    eventmachine (1.2.7-x64-mingw32)
    faraday (0.15.2)
      multipart-post (>= 1.2, < 3)
    faraday_middleware (0.12.2)
      faraday (>= 0.7.4, < 1.0)
    ffi (1.9.25)
    ffi (1.9.25-x64-mingw32)
    forwardable-extended (2.6.0)
    gemoji (3.0.0)
    gh (0.15.1)
      addressable (~> 2.4.0)
      backports
      faraday (~> 0.8)
      multi_json (~> 1.0)
      net-http-persistent (~> 2.9)
      net-http-pipeline
    highline (1.7.10)
    html-pipeline (2.8.4)
      activesupport (>= 2)
      nokogiri (>= 1.4)
    html-proofer (3.7.6)
      activesupport (>= 4.2, < 6.0)
      addressable (~> 2.3)
      colorize (~> 0.8)
      mercenary (~> 0.3.2)
      nokogiri (~> 1.8.1)
      parallel (~> 1.3)
      typhoeus (~> 0.7)
      yell (~> 2.0)
    http_parser.rb (0.6.0)
    i18n (0.9.5)
      concurrent-ruby (~> 1.0)
    jekyll (3.8.3)
      addressable (~> 2.4)
      colorator (~> 1.0)
      em-websocket (~> 0.5)
      i18n (~> 0.7)
      jekyll-sass-converter (~> 1.0)
      jekyll-watch (~> 2.0)
      kramdown (~> 1.14)
      liquid (~> 4.0)
      mercenary (~> 0.3.3)
      pathutil (~> 0.9)
      rouge (>= 1.7, < 4)
      safe_yaml (~> 1.0)
    jekyll-archives (2.1.1)
      jekyll (>= 2.4)
    jekyll-data (1.0.0)
      jekyll (~> 3.3)
    jekyll-feed (0.10.0)
      jekyll (~> 3.3)
    jekyll-gist (1.5.0)
      octokit (~> 4.2)
    jekyll-paginate (1.1.0)
    jekyll-sass-converter (1.5.2)
      sass (~> 3.4)
    jekyll-sitemap (1.2.0)
      jekyll (~> 3.3)
    jekyll-watch (2.0.0)
      listen (~> 3.0)
    jemoji (0.10.1)
      gemoji (~> 3.0)
      html-pipeline (~> 2.2)
      jekyll (~> 3.0)
    json (2.1.0)
    kramdown (1.17.0)
    launchy (2.4.3)
      addressable (~> 2.3)
    liquid (4.0.0)
    liquid-md5 (0.0.3)
      liquid (>= 2.5, < 5.0)
    listen (3.1.5)
      rb-fsevent (~> 0.9, >= 0.9.4)
      rb-inotify (~> 0.9, >= 0.9.7)
      ruby_dep (~> 1.2)
    mercenary (0.3.6)
    mini_portile2 (2.3.0)
    minitest (5.11.3)
    multi_json (1.13.1)
    multipart-post (2.0.0)
    net-http-persistent (2.9.4)
    net-http-pipeline (1.0.1)
    nokogiri (1.8.4)
      mini_portile2 (~> 2.3.0)
    nokogiri (1.8.4-x64-mingw32)
      mini_portile2 (~> 2.3.0)
    octokit (4.11.0)
      sawyer (~> 0.8.0, >= 0.5.3)
    octopress (3.0.11)
      jekyll (>= 2.0)
      mercenary (~> 0.3.2)
      octopress-deploy
      octopress-escape-code (~> 2.0)
      octopress-hooks (~> 2.0)
      redcarpet (~> 3.0)
      titlecase
    octopress-deploy (1.3.0)
      colorator
    octopress-escape-code (2.1.1)
      jekyll (~> 3.0)
    octopress-hooks (2.6.2)
      jekyll (>= 2.0)
    parallel (1.12.1)
    pathutil (0.16.1)
      forwardable-extended (~> 2.6)
    pusher-client (0.6.2)
      json
      websocket (~> 1.0)
    rb-fsevent (0.10.3)
    rb-inotify (0.9.10)
      ffi (>= 0.5.0, < 2)
    redcarpet (3.4.0)
    rouge (3.2.1)
    ruby_dep (1.5.0)
    safe_yaml (1.0.4)
    sass (3.5.7)
      sass-listen (~> 4.0.0)
    sass-listen (4.0.0)
      rb-fsevent (~> 0.9, >= 0.9.4)
      rb-inotify (~> 0.9, >= 0.9.7)
    sawyer (0.8.1)
      addressable (>= 2.3.5, < 2.6)
      faraday (~> 0.8, < 1.0)
    thread_safe (0.3.6)
    titlecase (0.1.1)
    travis (1.8.9)
      backports
      faraday (~> 0.9)
      faraday_middleware (~> 0.9, >= 0.9.1)
      gh (~> 0.13)
      highline (~> 1.6)
      launchy (~> 2.1)
      pusher-client (~> 0.4)
      typhoeus (~> 0.6, >= 0.6.8)
    typhoeus (0.8.0)
      ethon (>= 0.8.0)
    tzinfo (1.2.5)
      thread_safe (~> 0.1)
    websocket (1.2.8)
    yell (2.0.7)

PLATFORMS
  ruby
  x64-mingw32

DEPENDENCIES
  ffi
  html-proofer
  jekyll-archives
  liquid-md5
  minimal-mistakes-jekyll!
  octopress
  travis

BUNDLED WITH
   1.16.1
